GEM
  remote: https://rubygems.org/
  specs:
    addressable (2.5.0)
      public_suffix (~> 2.0, >= 2.0.2)
    ansi (1.5.0)
    ast (2.3.0)
    capybara (2.13.0)
      addressable
      mime-types (>= 1.16)
      nokogiri (>= 1.3.3)
      rack (>= 1.0.0)
      rack-test (>= 0.5.4)
      xpath (~> 2.0)
    coderay (1.1.1)
    concurrent-ruby (1.0.5)
    crack (0.4.3)
      safe_yaml (~> 1.0.0)
    domain_name (0.5.20170223)
      unf (>= 0.0.5, < 1.0.0)
    dotenv (2.2.0)
    dry-configurable (0.6.2)
      concurrent-ruby (~> 1.0)
    dry-container (0.6.0)
      concurrent-ruby (~> 1.0)
      dry-configurable (~> 0.1, >= 0.1.3)
    dry-core (0.2.4)
      concurrent-ruby (~> 1.0)
    dry-equalizer (0.2.0)
    dry-initializer (0.11.0)
    dry-logic (0.4.1)
      dry-container (~> 0.2, >= 0.2.6)
      dry-core (~> 0.2)
      dry-equalizer (~> 0.2)
    dry-struct (0.2.1)
      dry-configurable (~> 0.1)
      dry-equalizer (~> 0.2)
      dry-types (~> 0.9, >= 0.9.0)
      ice_nine (~> 0.11)
    dry-types (0.9.4)
      concurrent-ruby (~> 1.0)
      dry-configurable (~> 0.1)
      dry-container (~> 0.3)
      dry-core (~> 0.2, >= 0.2.1)
      dry-equalizer (~> 0.2)
      dry-logic (~> 0.4, >= 0.4.0)
      inflecto (~> 0.0.0, >= 0.0.2)
    dry-validation (0.10.5)
      concurrent-ruby (~> 1.0)
      dry-configurable (~> 0.1, >= 0.1.3)
      dry-core (~> 0.2, >= 0.2.1)
      dry-equalizer (~> 0.2)
      dry-logic (~> 0.4, >= 0.4.0)
      dry-types (~> 0.9, >= 0.9.0)
    fabrication (2.16.1)
    faker (1.7.3)
      i18n (~> 0.5)
    hanami (1.0.0.beta3)
      bundler (~> 1.13)
      concurrent-ruby (~> 1.0)
      hanami-assets (~> 1.0.0.beta2)
      hanami-controller (~> 1.0.0.beta3)
      hanami-helpers (~> 1.0.0.beta2)
      hanami-mailer (~> 1.0.0.beta2)
      hanami-router (~> 1.0.0.beta3)
      hanami-utils (~> 1.0.0.beta3)
      hanami-validations (~> 1.0.0.beta2)
      hanami-view (~> 1.0.0.beta2)
      thor (~> 0.19)
    hanami-assets (1.0.0.beta2)
      hanami-helpers (~> 1.0.0.beta1)
      hanami-utils (~> 1.0.0.beta1)
      tilt (~> 2.0, >= 2.0.2)
    hanami-controller (1.0.0.beta3)
      hanami-utils (~> 1.0.0.beta1)
      rack (~> 2.0)
    hanami-fabrication (0.1.0)
      fabrication (~> 2.16)
      hanami-utils (< 2.0)
    hanami-helpers (1.0.0.beta2)
      hanami-utils (~> 1.0.0.beta1)
    hanami-mailer (1.0.0.beta2)
      hanami-utils (~> 1.0.0.beta1)
      mail (~> 2.5)
      tilt (~> 2.0, >= 2.0.1)
    hanami-model (1.0.0.beta3)
      concurrent-ruby (~> 1.0)
      dry-types (~> 0.9)
      hanami-utils (~> 1.0.0.beta)
      rom-repository (~> 1.2)
      rom-sql (~> 1.1)
    hanami-router (1.0.0.beta3)
      hanami-utils (~> 1.0.0.beta1)
      http_router (= 0.11.2)
      rack (~> 2.0)
    hanami-utils (1.0.0.beta3)
    hanami-validations (1.0.0.beta2)
      dry-validation (~> 0.10)
      hanami-utils (~> 1.0.0.beta1)
    hanami-view (1.0.0.beta2)
      hanami-utils (~> 1.0.0.beta1)
      tilt (~> 2.0, >= 2.0.1)
    hashdiff (0.3.2)
    http (2.2.1)
      addressable (~> 2.3)
      http-cookie (~> 1.0)
      http-form_data (~> 1.0.1)
      http_parser.rb (~> 0.6.0)
    http-cookie (1.0.3)
      domain_name (~> 0.5)
    http-form_data (1.0.1)
    http_parser.rb (0.6.0)
    http_router (0.11.2)
      rack (>= 1.0.0)
      url_mount (~> 0.2.1)
    i18n (0.8.1)
    ice_nine (0.11.2)
    inflecto (0.0.2)
    mail (2.6.4)
      mime-types (>= 1.16, < 4)
    metaclass (0.0.4)
    method_source (0.8.2)
    mime-types (3.1)
      mime-types-data (~> 3.2015)
    mime-types-data (3.2016.0521)
    mini_portile2 (2.1.0)
    minitest (5.10.1)
    mocha (1.2.1)
      metaclass (~> 0.0.1)
    nokogiri (1.7.1)
      mini_portile2 (~> 2.1.0)
    oga (2.9)
      ast
      ruby-ll (~> 2.1)
    parser (2.4.0.0)
      ast (~> 2.2)
    pg (0.20.0)
    powerpack (0.1.1)
    pry (0.10.4)
      coderay (~> 1.1.0)
      method_source (~> 0.8.1)
      slop (~> 3.4)
    public_suffix (2.0.5)
    puma (3.8.2)
    rack (2.0.1)
    rack-test (0.6.3)
      rack (>= 1.0)
    rainbow (2.2.1)
    rake (12.0.0)
    rom (3.1.0)
      concurrent-ruby (~> 1.0)
      dry-core (~> 0.2, >= 0.2.3)
      dry-equalizer (~> 0.2)
      dry-initializer (~> 0.10, >= 0.10.2)
      dry-types (~> 0.9, >= 0.9.4)
      rom-mapper (~> 0.5)
    rom-mapper (0.5.0)
      dry-core (~> 0.2.3)
      dry-equalizer (~> 0.2)
      transproc (~> 1.0)
    rom-repository (1.3.0)
      dry-core (~> 0.2, >= 0.2.1)
      dry-struct (~> 0.1)
      rom (~> 3.1)
      rom-mapper (~> 0.5)
    rom-sql (1.2.1)
      dry-core (~> 0.2, >= 0.2.3)
      dry-equalizer (~> 0.2)
      dry-types (~> 0.9, >= 0.9.4)
      rom (~> 3.1)
      sequel (~> 4.43)
    rubocop (0.47.1)
      parser (>= 2.3.3.1, < 3.0)
      powerpack (~> 0.1)
      rainbow (>= 1.99.1, < 3.0)
      ruby-progressbar (~> 1.7)
      unicode-display_width (~> 1.0, >= 1.0.1)
    ruby-ll (2.1.2)
      ansi
      ast
    ruby-progressbar (1.8.1)
    safe_yaml (1.0.4)
    sequel (4.44.0)
    shotgun (0.9.2)
      rack (>= 1.0)
    slop (3.6.0)
    thor (0.19.4)
    tilt (2.0.7)
    transproc (1.0.2)
    unf (0.1.4)
      unf_ext
    unf_ext (0.0.7.2)
    unicode-display_width (1.1.3)
    url_mount (0.2.1)
      rack
    webmock (2.3.2)
      addressable (>= 2.3.6)
      crack (>= 0.3.2)
      hashdiff
    xpath (2.0.0)
      nokogiri (~> 1.3)

PLATFORMS
  ruby

DEPENDENCIES
  capybara (~> 2.12)
  dotenv (~> 2.2)
  faker (~> 1.7)
  hanami (= 1.0.0.beta3)
  hanami-fabrication (~> 0.1)
  hanami-model (~> 1.0.0.beta3)
  http (~> 2.2.1)
  minitest (~> 5.10)
  mocha (~> 1.2)
  oga (~> 2.9)
  pg (~> 0.19)
  pry
  puma
  rake (~> 12.0)
  rubocop (~> 0.47)
  shotgun (~> 0.9)
  webmock (~> 2.3)

RUBY VERSION
   ruby 2.3.1p112

BUNDLED WITH
   1.14.6
